GEM
  remote: https://rubygems.org/
  specs:
    json (1.8.3)
    mini_portile2 (2.1.0)
    nokogiri (1.6.8)
      mini_portile2 (~> 2.1.0)
      pkg-config (~> 1.1.7)
    pkg-config (1.1.7)

PLATFORMS
  ruby

DEPENDENCIES
  json
  nokogiri

RUBY VERSION
   ruby 2.2.1p85

BUNDLED WITH
   1.12.5
